PATH
  remote: .
  specs:
    cultome_player (0.4.0)
      activerecord (>= 3.2.13)
      activerecord-jdbcsqlite3-adapter (>= 1.2.9)
      activesupport (>= 3.2.13)
      colorize (>= 0.5.8)
      htmlentities (>= 4.3.1)
      jdbc-sqlite3 (>= 3.7.2.0)
      json (>= 1.7.7)
      mp3info (>= 0.6.18)
      rb-readline (>= 0.4.2)
      share_this (>= 0.1.0)
      text_slider (>= 0.1.0)

GEM
  remote: https://rubygems.org/
  specs:
    activemodel (3.2.13)
      activesupport (= 3.2.13)
      builder (~> 3.0.0)
    activerecord (3.2.13)
      activemodel (= 3.2.13)
      activesupport (= 3.2.13)
      arel (~> 3.0.2)
      tzinfo (~> 0.3.29)
    activerecord-jdbc-adapter (1.2.9)
    activerecord-jdbcsqlite3-adapter (1.2.9)
      activerecord-jdbc-adapter (~> 1.2.9)
      jdbc-sqlite3 (~> 3.7.2)
    activesupport (3.2.13)
      i18n (= 0.6.1)
      multi_json (~> 1.0)
    addressable (2.3.4)
    arel (3.0.2)
    builder (3.0.4)
    colorize (0.5.8)
    crack (0.3.2)
    diff-lcs (1.2.4)
    eventmachine (1.0.3)
    htmlentities (4.3.1)
    i18n (0.6.1)
    jdbc-sqlite3 (3.7.2.1)
    json (1.8.0)
    mp3info (0.6.18)
    multi_json (1.7.3)
    rb-readline (0.5.0)
    rspec (2.13.0)
      rspec-core (~> 2.13.0)
      rspec-expectations (~> 2.13.0)
      rspec-mocks (~> 2.13.0)
    rspec-core (2.13.1)
    rspec-expectations (2.13.0)
      diff-lcs (>= 1.1.3, < 2.0)
    rspec-mocks (2.13.1)
    share_this (0.1.0)
      eventmachine (>= 1.0.3)
    text_slider (0.1.0)
    tzinfo (0.3.37)
    webmock (1.11.0)
      addressable (>= 2.2.7)
      crack (>= 0.3.2)

PLATFORMS
  java
  ruby

DEPENDENCIES
  cultome_player!
  rspec (>= 2.13.0)
  webmock (>= 1.11.0)
