PATH
  remote: .
  specs:
    cultome_player (1.0.0)
      activerecord (>= 3.2.13)
      activesupport (>= 3.2.13)
      colorize (>= 0.5.8)
      htmlentities (>= 4.3.1)
      json (>= 1.7.7)
      mp3info (>= 0.6.18)
      musicbrainz-ruby (>= 0.4.0)
      nokogiri (>= 1.6.0)
      rb-readline (>= 0.4.2)
      sqlite3 (>= 1.3.7)

GEM
  remote: https://rubygems.org/
  specs:
    activemodel (3.2.13)
      activesupport (= 3.2.13)
      builder (~> 3.0.0)
    activerecord (3.2.13)
      activemodel (= 3.2.13)
      activesupport (= 3.2.13)
      arel (~> 3.0.2)
      tzinfo (~> 0.3.29)
    activesupport (3.2.13)
      i18n (= 0.6.1)
      multi_json (~> 1.0)
    addressable (2.3.4)
    arel (3.0.2)
    builder (3.0.4)
    colorize (0.5.8)
    coveralls (0.6.7)
      colorize
      multi_json (~> 1.3)
      rest-client
      simplecov (>= 0.7)
      thor
    crack (0.3.2)
    diff-lcs (1.2.4)
    hashie (1.1.0)
    htmlentities (4.3.1)
    httparty (0.8.3)
      multi_json (~> 1.0)
      multi_xml
    i18n (0.6.1)
    json (1.8.0)
    mime-types (1.23)
    mini_portile (0.5.0)
    mp3info (0.6.18)
    multi_json (1.7.3)
    multi_xml (0.5.4)
    musicbrainz-ruby (0.4.0)
      hashie (~> 1.1.0)
      httparty (~> 0.8.0)
    nokogiri (1.6.0)
      mini_portile (~> 0.5.0)
    rake (10.0.4)
    rb-readline (0.5.0)
    rest-client (1.6.7)
      mime-types (>= 1.16)
    rspec (2.13.0)
      rspec-core (~> 2.13.0)
      rspec-expectations (~> 2.13.0)
      rspec-mocks (~> 2.13.0)
    rspec-core (2.13.1)
    rspec-expectations (2.13.0)
      diff-lcs (>= 1.1.3, < 2.0)
    rspec-mocks (2.13.1)
    simplecov (0.7.1)
      multi_json (~> 1.0)
      simplecov-html (~> 0.7.1)
    simplecov-html (0.7.1)
    sqlite3 (1.3.7)
    thor (0.18.1)
    tzinfo (0.3.37)
    webmock (1.11.0)
      addressable (>= 2.2.7)
      crack (>= 0.3.2)

PLATFORMS
  ruby

DEPENDENCIES
  coveralls (>= 0.6.7)
  cultome_player!
  rake (>= 10.0.4)
  rspec (>= 2.13.0)
  webmock (>= 1.11.0)
